GEM
  remote: https://rubygems.org/
  specs:
    activesupport (5.0.1)
      concurrent-ruby (~> 1.0, >= 1.0.2)
      i18n (~> 0.7)
      minitest (~> 5.1)
      tzinfo (~> 1.1)
    concurrent-ruby (1.0.4)
    i18n (0.7.0)
    laris (0.0.0)
      activesupport
      pg
      rack
    minitest (5.10.1)
    pg (0.19.0)
    rack (2.0.1)
    thread_safe (0.3.5)
    tzinfo (1.2.2)
      thread_safe (~> 0.1)

PLATFORMS
  ruby

DEPENDENCIES
  laris

RUBY VERSION
   ruby 2.3.1p112

BUNDLED WITH
   1.13.6
